PATH
  remote: .
  specs:
    osrcry (0.2.1)

GEM
  remote: https://rubygems.org/
  specs:
    rake (12.0.0)

PLATFORMS
  ruby

DEPENDENCIES
  bundler (~> 1.3)
  osrcry!
  rake

BUNDLED WITH
   1.11.2
