PATH
  remote: .
  specs:
    osrcry (0.3.0)

GEM
  remote: https://rubygems.org/
  specs:
    rake (13.0.1)

PLATFORMS
  ruby

DEPENDENCIES
  bundler (~> 1.3)
  osrcry!
  rake

BUNDLED WITH
   1.11.2
